PATH
  remote: .
  specs:
    walrus (0.4.0.99)
      walrat
      wopen3 (>= 0.1)

GEM
  remote: http://rubygems.org/
  specs:
    mkdtemp (1.2)
    rspec (1.3.0)
    walrat (0.1)
    wopen3 (0.3)
    yard (0.5.8)

PLATFORMS
  ruby

DEPENDENCIES
  mkdtemp (>= 1.0)
  rspec (= 1.3.0)
  walrat
  walrus!
  wopen3 (>= 0.1)
  yard
