PATH
  remote: vendor/walrat
  specs:
    walrat (0.2)

GEM
  remote: https://rubygems.org/
  specs:
    RedCloth (3.0.4)
    diff-lcs (1.2.5)
    mkdtemp (1.2)
    rspec (3.1.0)
      rspec-core (~> 3.1.0)
      rspec-expectations (~> 3.1.0)
      rspec-mocks (~> 3.1.0)
    rspec-core (3.1.7)
      rspec-support (~> 3.1.0)
    rspec-expectations (3.1.2)
      diff-lcs (>= 1.2.0, < 2.0)
      rspec-support (~> 3.1.0)
    rspec-mocks (3.1.3)
      rspec-support (~> 3.1.0)
    rspec-support (3.1.2)
    wopen3 (0.3)
    yard (0.5.8)

PLATFORMS
  ruby

DEPENDENCIES
  RedCloth (= 3.0.4)
  mkdtemp
  rspec (= 3.1.0)
  walrat!
  wopen3
  yard
