PATH
  remote: .
  specs:
    walrus (0.2.0.99)
      wopen3 (>= 0.1)

GEM
  remote: http://rubygems.org/
  specs:
    mkdtemp (1.2)
    rspec (1.3.0)
    wopen3 (0.3)

PLATFORMS
  ruby

DEPENDENCIES
  mkdtemp (>= 1.0)
  rspec (= 1.3.0)
  walrus!
  wopen3 (>= 0.1)
