PATH
  remote: vendor/walrat
  specs:
    walrat (0.1.0.99)

GEM
  remote: http://rubygems.org/
  specs:
    mkdtemp (1.2)
    rspec (1.3.0)
    wopen3 (0.3)
    yard (0.5.8)

PLATFORMS
  ruby

DEPENDENCIES
  mkdtemp
  rspec (= 1.3.0)
  walrat!
  wopen3
  yard
