PATH
  remote: vendor/walrat
  specs:
    walrat (0.2)

GEM
  remote: https://rubygems.org/
  specs:
    RedCloth (3.0.4)
    mkdtemp (1.2)
    rspec (1.3.0)
    wopen3 (0.3)
    yard (0.5.8)

PLATFORMS
  ruby

DEPENDENCIES
  RedCloth (= 3.0.4)
  mkdtemp
  rspec (= 1.3.0)
  walrat!
  wopen3
  yard
